PATH
  remote: .
  specs:
    mutagem (0.2.3)

GEM
  remote: https://rubygems.org/
  specs:
    aruba (0.2.2)
    builder (3.2.2)
    cucumber (1.3.2)
      builder (>= 2.1.2)
      diff-lcs (>= 1.1.3)
      gherkin (~> 2.12.0)
      multi_json (~> 1.3)
    diff-lcs (1.2.4)
    gherkin (2.12.0)
      multi_json (~> 1.3)
    multi_json (1.7.6)
    rake (10.0.4)
    rspec (1.3.1)

PLATFORMS
  ruby

DEPENDENCIES
  aruba (= 0.2.2)
  bundler (>= 1.0.7)
  cucumber (~> 1.0)
  mutagem!
  rake (>= 0.8.7)
  rspec (= 1.3.1)

BUNDLED WITH
   1.16.0
